GIT
  remote: https://github.com/3scale/json-schema
  revision: 26487618a68443e94d623bb585cb464b07d36702
  specs:
    json-schema (3.0.0)
      addressable (>= 2.4)

GIT
  remote: https://github.com/3scale/swagger-ui_rails.git
  revision: 13968af8f2845f448a0b88c4ffe4cf93477c90fa
  branch: dev
  specs:
    swagger-ui_rails (0.1.7)

GIT
  remote: https://github.com/3scale/swagger-ui_rails.git
  revision: f88bb8bed4fdb57fcf5be6425f3fc10c638788d1
  branch: dev-2.1.3
  specs:
    swagger-ui_rails2 (0.1.7)

GIT
  remote: https://github.com/chatwoot/azure-storage-ruby
  revision: 9957cf899d33a285b5dfe15bdb875292398e392b
  branch: chatwoot
  specs:
    azure-storage-blob (2.0.3)
      azure-storage-common (~> 2.0)
      nokogiri (~> 1, >= 1.10.8)
    azure-storage-common (2.0.4)
      faraday (~> 2.0)
      faraday-follow_redirects (~> 0.3.0)
      faraday-net_http_persistent (~> 2.0)
      net-http-persistent (~> 4.0)
      nokogiri (~> 1, >= 1.10.8)

PATH
  remote: .
  specs:
    tmp (0.1.2)

GEM
  remote: https://rubygems.org/
  specs:
    actioncable (6.1.7)
      actionpack (= 6.1.7)
      activesupport (= 6.1.7)
      nio4r (~> 2.0)
      websocket-driver (>= 0.6.1)
    actionmailbox (6.1.7)
      actionpack (= 6.1.7)
      activejob (= 6.1.7)
      activerecord (= 6.1.7)
      activestorage (= 6.1.7)
      activesupport (= 6.1.7)
      mail (>= 2.7.1)
    actionmailer (6.1.7)
      actionpack (= 6.1.7)
      actionview (= 6.1.7)
      activejob (= 6.1.7)
      activesupport (= 6.1.7)
      mail (~> 2.5, >= 2.5.4)
      rails-dom-testing (~> 2.0)
    actionpack (6.1.7)
      actionview (= 6.1.7)
      activesupport (= 6.1.7)
      rack (~> 2.0, >= 2.0.9)
      rack-test (>= 0.6.3)
      rails-dom-testing (~> 2.0)
      rails-html-sanitizer (~> 1.0, >= 1.2.0)
    actiontext (6.1.7)
      actionpack (= 6.1.7)
      activerecord (= 6.1.7)
      activestorage (= 6.1.7)
      activesupport (= 6.1.7)
      nokogiri (>= 1.8.5)
    actionview (6.1.7)
      activesupport (= 6.1.7)
      builder (~> 3.1)
      erubi (~> 1.4)
      rails-dom-testing (~> 2.0)
      rails-html-sanitizer (~> 1.1, >= 1.2.0)
    activejob (6.1.7)
      activesupport (= 6.1.7)
      globalid (>= 0.3.6)
    activemodel (6.1.7)
      activesupport (= 6.1.7)
    activerecord (6.1.7)
      activemodel (= 6.1.7)
      activesupport (= 6.1.7)
    activestorage (6.1.7)
      actionpack (= 6.1.7)
      activejob (= 6.1.7)
      activerecord (= 6.1.7)
      activesupport (= 6.1.7)
      marcel (~> 1.0)
      mini_mime (>= 1.1.0)
    activesupport (6.1.7)
      concurrent-ruby (~> 1.0, >= 1.0.2)
      i18n (>= 1.6, < 2)
      minitest (>= 5.1)
      tzinfo (~> 2.0)
      zeitwerk (~> 2.3)
    addressable (2.8.7)
      public_suffix (>= 2.0.2, < 7.0)
    builder (3.3.0)
    concurrent-ruby (1.3.3)
    connection_pool (2.4.1)
    crass (1.0.6)
    date (3.3.4)
    erubi (1.13.0)
    faraday (2.10.0)
      faraday-net_http (>= 2.0, < 3.2)
      logger
    faraday-follow_redirects (0.3.0)
      faraday (>= 1, < 3)
    faraday-net_http (3.1.1)
      net-http
    faraday-net_http_persistent (2.1.0)
      faraday (~> 2.5)
      net-http-persistent (~> 4.0)
    globalid (1.2.1)
      activesupport (>= 6.1)
    i18n (1.14.5)
      concurrent-ruby (~> 1.0)
    logger (1.6.0)
    loofah (2.22.0)
      crass (~> 1.0.2)
      nokogiri (>= 1.12.0)
    mail (2.8.1)
      mini_mime (>= 0.1.1)
      net-imap
      net-pop
      net-smtp
    marcel (1.0.4)
    method_source (1.1.0)
    mini_mime (1.1.5)
    mini_portile2 (2.8.7)
    minitest (5.24.1)
    net-http (0.4.1)
      uri
    net-http-persistent (4.0.2)
      connection_pool (~> 2.2)
    net-imap (0.4.14)
      date
      net-protocol
    net-pop (0.1.2)
      net-protocol
    net-protocol (0.2.2)
      timeout
    net-smtp (0.5.0)
      net-protocol
    nio4r (2.7.3)
    nokogiri (1.16.6)
      mini_portile2 (~> 2.8.2)
      racc (~> 1.4)
    public_suffix (6.0.0)
    racc (1.8.0)
    rack (2.2.9)
    rack-test (2.1.0)
      rack (>= 1.3)
    rails (6.1.7)
      actioncable (= 6.1.7)
      actionmailbox (= 6.1.7)
      actionmailer (= 6.1.7)
      actionpack (= 6.1.7)
      actiontext (= 6.1.7)
      actionview (= 6.1.7)
      activejob (= 6.1.7)
      activemodel (= 6.1.7)
      activerecord (= 6.1.7)
      activestorage (= 6.1.7)
      activesupport (= 6.1.7)
      bundler (>= 1.15.0)
      railties (= 6.1.7)
      sprockets-rails (>= 2.0.0)
    rails-dom-testing (2.2.0)
      activesupport (>= 5.0.0)
      minitest
      nokogiri (>= 1.6)
    rails-html-sanitizer (1.6.0)
      loofah (~> 2.21)
      nokogiri (~> 1.14)
    railties (6.1.7)
      actionpack (= 6.1.7)
      activesupport (= 6.1.7)
      method_source
      rake (>= 12.2)
      thor (~> 1.0)
    rake (13.2.1)
    sprockets (4.2.1)
      concurrent-ruby (~> 1.0)
      rack (>= 2.2.4, < 4)
    sprockets-rails (3.5.1)
      actionpack (>= 6.1)
      activesupport (>= 6.1)
      sprockets (>= 3.0.0)
    thor (1.3.1)
    timeout (0.4.1)
    tzinfo (2.0.6)
      concurrent-ruby (~> 1.0)
    uri (0.13.0)
    websocket-driver (0.7.6)
      websocket-extensions (>= 0.1.0)
    websocket-extensions (0.1.5)
    zeitwerk (2.6.16)

PLATFORMS
  arm64-darwin-20
  arm64-darwin-21
  arm64-darwin-22
  ruby
  x86_64-darwin-18
  x86_64-darwin-20
  x86_64-darwin-21
  x86_64-darwin-22
  x86_64-linux

DEPENDENCIES
  azure-storage-blob!
  json-schema!
  rails (= 6.1.7)
  swagger-ui_rails!
  swagger-ui_rails2!
  tmp!

CHECKSUMS
  actioncable (6.1.7) sha256=ee5345e1ac0a9ec24af8d21d46d6e8d85dd76b28b14ab60929c2da3e7d5bfe64
  actionmailbox (6.1.7) sha256=c4364381e724b39eee3381e6eb3fdc80f121ac9a53dea3fd9ef687a9040b8a08
  actionmailer (6.1.7) sha256=5561c298a13e6d43eb71098be366f59be51470358e6e6e49ebaaf43502906fa4
  actionpack (6.1.7) sha256=3a8580e3721757371328906f953b332d5c95bd56a1e4f344b3fee5d55dc1cf37
  actiontext (6.1.7) sha256=c5d3af4168619923d0ff661207215face3e03f7a04c083b5d347f190f639798e
  actionview (6.1.7) sha256=c166e890d2933ffbb6eb2a2eac1b54f03890e33b8b7269503af848db88afc8d4
  activejob (6.1.7) sha256=e5d2ac525b6be5ccf242534af504ea2c7b406fb5f7880495ce3c1407e749c415
  activemodel (6.1.7) sha256=7ec2b54676e30b523b2af16f027d74304a49d3cba83e2c400b3cf3dd153d6da0
  activerecord (6.1.7) sha256=52e4a2601bb41b87db2be68c3f62add64c4614b580f9b540131d7a3e028a5db7
  activestorage (6.1.7) sha256=e0af9a8fc6a2b92172c1061bc546f6c47b1f3b5d94b63f2aaaea68a1a6db75fb
  activesupport (6.1.7) sha256=f9dee8a4cc315714e29228328428437c8779f58237749339afadbdcfb5c0b74c
  addressable (2.8.7) sha256=462986537cf3735ab5f3c0f557f14155d778f4b43ea4f485a9deb9c8f7c58232
  azure-storage-blob (2.0.3)
  azure-storage-common (2.0.4)
  builder (3.3.0) sha256=497918d2f9dca528fdca4b88d84e4ef4387256d984b8154e9d5d3fe5a9c8835f
  concurrent-ruby (1.3.3) sha256=4f9cd28965c4dcf83ffd3ea7304f9323277be8525819cb18a3b61edcb56a7c6a
  connection_pool (2.4.1) sha256=0f40cf997091f1f04ff66da67eabd61a9fe0d4928b9a3645228532512fab62f4
  crass (1.0.6) sha256=dc516022a56e7b3b156099abc81b6d2b08ea1ed12676ac7a5657617f012bd45d
  date (3.3.4) sha256=971f2cb66b945bcbea4ddd9c7908c9400b31a71bc316833cb42fa584b59d3291
  erubi (1.13.0) sha256=fca61b47daefd865d0fb50d168634f27ad40181867445badf6427c459c33cd62
  faraday (2.10.0) sha256=1a3e6c02acc511fc334d799521f1013e449bde38aa2dceb3af71e8030519bda9
  faraday-follow_redirects (0.3.0) sha256=d92d975635e2c7fe525dd494fcd4b9bb7f0a4a0ec0d5f4c15c729530fdb807f9
  faraday-net_http (3.1.1) sha256=da93f0f426f4de2c09af0a9a95887726da7889b76eca2a2aff0ce5e66e768938
  faraday-net_http_persistent (2.1.0) sha256=b41720b13f56dae77114d9de54baef2d76d0b06ab40d695b2a98e254b56ade0b
  globalid (1.2.1) sha256=70bf76711871f843dbba72beb8613229a49429d1866828476f9c9d6ccc327ce9
  i18n (1.14.5) sha256=26dcbc05e364b57e27ab430148b3377bc413987d34cc042336271d8f42e9d1b9
  json-schema (3.0.0)
  logger (1.6.0) sha256=0ab7c120262dd8de2a18cb8d377f1f318cbe98535160a508af9e7710ff43ef3e
  loofah (2.22.0) sha256=10d76e070c86b12fec74b6a9515fd1940f4459198b991342d0a7897d86c372fe
  mail (2.8.1) sha256=ec3b9fadcf2b3755c78785cb17bc9a0ca9ee9857108a64b6f5cfc9c0b5bfc9ad
  marcel (1.0.4) sha256=0d5649feb64b8f19f3d3468b96c680bae9746335d02194270287868a661516a4
  method_source (1.1.0) sha256=181301c9c45b731b4769bc81e8860e72f9161ad7d66dd99103c9ab84f560f5c5
  mini_mime (1.1.5) sha256=8681b7e2e4215f2a159f9400b5816d85e9d8c6c6b491e96a12797e798f8bccef
  mini_portile2 (2.8.7) sha256=13eef5ab459bbfd33d61e539564ec25a9c2cf593b0a5ea6d4d7ef8c19b162ee0
  minitest (5.24.1) sha256=31ec31ac9088d9e21fcc5a5487912234de83966f24368241b2bef03d7012464a
  net-http (0.4.1) sha256=a96efc5ea18bcb9715e24dda4159d10f67ff0345c8a980d04630028055b2c282
  net-http-persistent (4.0.2) sha256=03f827a33857b1d56b4e796957ad19bf5b58367d853fd0a224eb70fba8d02a44
  net-imap (0.4.14) sha256=a2184b3f09a4f7ca27998d113fd6df8cd0dd56b91e5bf0d6387b8350bb438065
  net-pop (0.1.2) sha256=848b4e982013c15b2f0382792268763b748cce91c9e91e36b0f27ed26420dff3
  net-protocol (0.2.2) sha256=aa73e0cba6a125369de9837b8d8ef82a61849360eba0521900e2c3713aa162a8
  net-smtp (0.5.0) sha256=5fc0415e6ea1cc0b3dfea7270438ec22b278ca8d524986a3ae4e5ae8d087b42a
  nio4r (2.7.3) sha256=54b94cdd4b8f9dc39aaad5f699e97afae13efb44f2b180a6e724df76105ff604
  nokogiri (1.16.6) sha256=935fe4dd67d4377f4a05002acb1ffbadbcae265ea8e7869fc40e3a8121f3e1ef
  public_suffix (6.0.0) sha256=d2c8e12e076813f8fca0307205c088c6903adc70b92c65ab22479dfa9bc0a89e
  racc (1.8.0) sha256=09349a65c37c4fe710a435f25c9f1652e39f29ad6b1fa08d4a8d30c0553d3a08
  rack (2.2.9) sha256=fd6301a97a1c1e955e68f85c861fcb1cde6145a32c532e1ea321a72ff8cc4042
  rack-test (2.1.0) sha256=0c61fc61904049d691922ea4bb99e28004ed3f43aa5cfd495024cc345f125dfb
  rails (6.1.7) sha256=6e3b9226fb9f82d916990b7da9a121191890ed20ac49f40e902d4e6952308006
  rails-dom-testing (2.2.0) sha256=e515712e48df1f687a1d7c380fd7b07b8558faa26464474da64183a7426fa93b
  rails-html-sanitizer (1.6.0) sha256=86e9f19d2e6748890dcc2633c8945ca45baa08a1df9d8c215ce17b3b0afaa4de
  railties (6.1.7) sha256=5df0960e55db0edd305de26f7a3cf7da695c035cd6cd5bf8c8c79df9338e9fc7
  rake (13.2.1) sha256=46cb38dae65d7d74b6020a4ac9d48afed8eb8149c040eccf0523bec91907059d
  sprockets (4.2.1) sha256=951b13dd2f2fcae840a7184722689a803e0ff9d2702d902bd844b196da773f97
  sprockets-rails (3.5.1) sha256=c44626cb3887a1a8b572ca258685db33b4ebd041aa73428a716eac444ee5ef48
  swagger-ui_rails (0.1.7)
  swagger-ui_rails2 (0.1.7)
  thor (1.3.1) sha256=fa7e3471d4f6a27138e3d9c9b0d4daac9c3d7383927667ae83e9ab42ae7401ef
  timeout (0.4.1) sha256=6f1f4edd4bca28cffa59501733a94215407c6960bd2107331f0280d4abdebb9a
  tmp (0.1.2)
  tzinfo (2.0.6) sha256=8daf828cc77bcf7d63b0e3bdb6caa47e2272dcfaf4fbfe46f8c3a9df087a829b
  uri (0.13.0) sha256=26553c2a9399762e1e8bebd4444b4361c4b21298cf1c864b22eeabc9c4998f24
  websocket-driver (0.7.6) sha256=f69400be7bc197879726ad8e6f5869a61823147372fd8928836a53c2c741d0db
  websocket-extensions (0.1.5) sha256=1c6ba63092cda343eb53fc657110c71c754c56484aad42578495227d717a8241
  zeitwerk (2.6.16) sha256=17df48537f09a937804f79bd9a92817da3b199e268634972d0e98a21ca588e21

BUNDLED WITH
   2.5.11
